GEM
  remote: https://rubygems.org/
  remote: https://rails-assets.org/
  specs:
    activesupport (4.2.4)
      i18n (~> 0.7)
      json (~> 1.7, >= 1.7.7)
      minitest (~> 5.1)
      thread_safe (~> 0.3, >= 0.3.4)
      tzinfo (~> 1.1)
    addressable (2.3.8)
    ansi (1.5.0)
    atomic (1.1.99)
    backports (3.6.6)
    builder (3.2.2)
    coffee-script (2.4.1)
      coffee-script-source
      execjs
    coffee-script-source (1.9.1.1)
    coffeelint (1.9.1)
      coffee-script
      execjs
      json
    compass-import-once (1.0.5)
      sass (>= 3.2, < 3.5)
    contracts (0.9)
    erubis (2.7.0)
    excon (0.45.4)
    execjs (2.6.0)
    fastimage (1.6.8)
      addressable (~> 2.3, >= 2.3.5)
    ffi (1.9.10)
    fog-aws (0.8.1)
      fog-core (~> 1.27)
      fog-json (~> 1.0)
      fog-xml (~> 0.1)
      ipaddress (~> 0.8)
    fog-core (1.35.0)
      builder
      excon (~> 0.45)
      formatador (~> 0.2)
    fog-json (1.0.2)
      fog-core (~> 1.0)
      multi_json (~> 1.10)
    fog-xml (0.1.2)
      fog-core
      nokogiri (~> 1.5, >= 1.5.11)
    formatador (0.2.5)
    haml (4.0.7)
      tilt
    hamster (1.0.0)
      atomic (~> 1.1)
    hashie (3.4.2)
    hike (1.2.3)
    htmlcompressor (0.2.0)
    i18n (0.7.0)
    ipaddress (0.8.2)
    json (1.8.3)
    kramdown (1.8.0)
    listen (3.0.3)
      rb-fsevent (>= 0.9.3)
      rb-inotify (>= 0.9)
    map (6.6.0)
    middleman (4.0.0.rc.1)
      coffee-script (~> 2.2)
      compass-import-once (= 1.0.5)
      haml (>= 4.0.5)
      kramdown (~> 1.2)
      middleman-cli (= 4.0.0.rc.1)
      middleman-core (= 4.0.0.rc.1)
      sass (>= 3.4.0, < 4.0)
    middleman-cli (4.0.0.rc.1)
      thor (>= 0.17.0, < 2.0)
    middleman-core (4.0.0.rc.1)
      activesupport (~> 4.2.0)
      addressable (~> 2.3.5)
      backports (~> 3.6)
      bundler (~> 1.1)
      compass-import-once (~> 1.0.4)
      contracts (~> 0.9.0)
      erubis
      execjs (~> 2.0)
      fastimage (~> 1.6.2)
      hamster (~> 1.0)
      hashie (~> 3.4)
      i18n (~> 0.7.0)
      listen (~> 3.0)
      padrino-helpers (~> 0.12.3)
      rack (>= 1.4.5, < 2.0)
      sass (>= 3.3.4)
      tilt (~> 1.4.1)
      uglifier (~> 2.6)
    middleman-minify-html (3.4.1)
      htmlcompressor (~> 0.2.0)
      middleman-core (>= 3.2)
    middleman-s3_sync (4.0.1.rc.3)
      ansi (~> 1.5.0)
      fog-aws (>= 0.1.1)
      map
      middleman-cli
      middleman-core (>= 4.0.0.rc.1)
      parallel
      ruby-progressbar
      unf
    middleman-sprockets (4.0.0.beta.1)
      middleman-core (>= 3.3)
      sprockets (>= 2.12.1)
      sprockets-helpers (~> 1.1.0)
      sprockets-sass (~> 1.3.0)
    mime-types (3.0)
      mime-types-data (~> 3.2015)
    mime-types-data (3.2015.1120)
    mini_portile2 (2.0.0)
    minitest (5.8.1)
    multi_json (1.11.2)
    nokogiri (1.6.7.1)
      mini_portile2 (~> 2.0.0.rc2)
    padrino-helpers (0.12.5)
      i18n (~> 0.6, >= 0.6.7)
      padrino-support (= 0.12.5)
      tilt (~> 1.4.1)
    padrino-support (0.12.5)
      activesupport (>= 3.1)
    parallel (1.6.1)
    rack (1.6.4)
    rails-assets-afkl-lazy-image (0.1.4)
    rails-assets-angular (1.4.1)
    rails-assets-angular-moment (0.10.3)
      rails-assets-angular (>= 1.2.0, < 1.5.0)
      rails-assets-moment (>= 2.8.0, < 2.11.0)
    rails-assets-angular-sanitize (1.4.1)
      rails-assets-angular (= 1.4.1)
    rails-assets-lodash (3.10.1)
    rails-assets-moment (2.10.6)
    rainbow (2.0.0)
    rb-fsevent (0.9.6)
    rb-inotify (0.9.5)
      ffi (>= 0.5.0)
    ruby-progressbar (1.7.5)
    sass (3.4.18)
    scss_lint (0.39.0)
      rainbow (~> 2.0)
      sass (~> 3.4.1)
    sprockets (2.12.4)
      hike (~> 1.2)
      multi_json (~> 1.0)
      rack (~> 1.0)
      tilt (~> 1.1, != 1.3.0)
    sprockets-helpers (1.1.0)
      sprockets (~> 2.0)
    sprockets-sass (1.3.1)
      sprockets (~> 2.0)
      tilt (~> 1.1)
    thor (0.19.1)
    thread_safe (0.3.5)
    tilt (1.4.1)
    tzinfo (1.2.2)
      thread_safe (~> 0.1)
    uglifier (2.7.2)
      execjs (>= 0.3.0)
      json (>= 1.8.0)
    unf (0.1.4)
      unf_ext
    unf_ext (0.0.7.1)

PLATFORMS
  ruby

DEPENDENCIES
  bundler (>= 1.8.4)
  coffeelint
  middleman (~> 4.0.0.beta.2)
  middleman-cli
  middleman-core
  middleman-minify-html
  middleman-s3_sync (= 4.0.1.rc.3)
  middleman-sprockets
  mime-types
  rails-assets-afkl-lazy-image!
  rails-assets-angular!
  rails-assets-angular-moment!
  rails-assets-angular-sanitize!
  rails-assets-lodash!
  rails-assets-moment!
  scss_lint

BUNDLED WITH
   1.10.4
